GEM
  remote: https://rubygems.org/
  specs:
    dotenv (3.1.7)

PLATFORMS
  arm64-darwin-23
  ruby

DEPENDENCIES
  dotenv

BUNDLED WITH
   2.6.2
